GEM
  remote: https://rubygems.org/
  specs:
    faraday (0.9.2)
      multipart-post (>= 1.2, < 3)
    http_router (0.11.2)
      rack (>= 1.0.0)
      url_mount (~> 0.2.1)
    i18n (0.7.0)
    ice_nine (0.11.2)
    lita (4.7.0)
      bundler (>= 1.3)
      faraday (>= 0.8.7)
      http_router (>= 0.11.2)
      i18n (>= 0.6.9)
      ice_nine (>= 0.11.0)
      multi_json (>= 1.7.7)
      puma (>= 2.7.1)
      rack (>= 1.5.2)
      rb-readline (>= 0.5.1)
      redis-namespace (>= 1.3.0)
      thor (>= 0.18.1)
    lita-cron (0.0.3)
      lita (>= 2.7)
      rufus-scheduler (= 2.0.24)
    lita-dig (1.3.0)
      lita (>= 4.2)
      net-dns2
    lita-heroku-status (0.1.0)
      lita (>= 4.6)
    lita-hipchat (3.0.2)
      lita (>= 4.4.3)
      xmpp4r (>= 0.5.6)
    multi_json (1.11.2)
    multipart-post (2.0.0)
    net-dns2 (0.8.7)
      packetfu
    network_interface (0.0.1)
    packetfu (1.1.11)
      network_interface (~> 0.0)
      pcaprub (~> 0.12)
    pcaprub (0.12.1)
    puma (3.4.0)
    rack (1.6.4)
    rb-readline (0.5.3)
    redis (3.2.2)
    redis-namespace (1.5.2)
      redis (~> 3.0, >= 3.0.4)
    rufus-scheduler (2.0.24)
      tzinfo (>= 0.3.22)
    thor (0.19.1)
    thread_safe (0.3.5)
    tzinfo (1.2.2)
      thread_safe (~> 0.1)
    url_mount (0.2.1)
      rack
    xmpp4r (0.5.6)

PLATFORMS
  ruby

DEPENDENCIES
  lita
  lita-cron
  lita-dig
  lita-heroku-status
  lita-hipchat

BUNDLED WITH
   1.11.2
